PATH
  remote: .
  specs:
    auto-correct (1.1.0)
      autocorrect-rb (>= 2.1.2)

GEM
  remote: https://rubygems.org/
  specs:
    activesupport (6.0.2.1)
      concurrent-ruby (~> 1.0, >= 1.0.2)
      i18n (>= 0.7, < 2)
      minitest (~> 5.1)
      tzinfo (~> 1.1)
      zeitwerk (~> 2.2)
    autocorrect-rb (2.1.2-x86_64-darwin)
      rb_sys (>= 0.9.18)
    autocorrect-rb (2.1.2-x86_64-linux)
      rb_sys (>= 0.9.18)
    benchmark-ips (2.8.2)
    concurrent-ruby (1.1.5)
    i18n (1.8.0)
      concurrent-ruby (~> 1.0)
    minitest (5.16.3)
    rake (13.0.1)
    rb_sys (0.9.31)
    thread_safe (0.3.6)
    tzinfo (1.2.11)
      thread_safe (~> 0.1)
    zeitwerk (2.2.2)

PLATFORMS
  x86_64-darwin-20
  x86_64-linux

DEPENDENCIES
  activesupport
  auto-correct!
  benchmark-ips
  minitest
  rake

BUNDLED WITH
   2.2.4
